GEM
  remote: https://rubygems.org/
  specs:
    faker (1.3.0)
      i18n (~> 0.5)
    i18n (0.7.0)
    rake (10.4.2)

PLATFORMS
  ruby

DEPENDENCIES
  faker
  rake
